PATH
  remote: .
  specs:
    pg_qtop (0.0.1)
      curses
      mixlib-cli
      pg
      pg_query

GEM
  remote: https://rubygems.org/
  specs:
    curses (1.0.1)
    diff-lcs (1.2.5)
    json (1.8.2)
    mixlib-cli (1.5.0)
    pg (0.18.1)
    pg_query (0.4.1)
      json (~> 1.8)
    rspec (2.99.0)
      rspec-core (~> 2.99.0)
      rspec-expectations (~> 2.99.0)
      rspec-mocks (~> 2.99.0)
    rspec-core (2.99.2)
    rspec-expectations (2.99.2)
      diff-lcs (>= 1.1.3, < 2.0)
    rspec-mocks (2.99.3)

PLATFORMS
  ruby

DEPENDENCIES
  pg_qtop!
  rspec (~> 2.0)
